RESTRICTION: >= net35
NUGET
  remote: https://www.nuget.org/api/v2
    FAKE (4.63)
    FSharp.Compiler.Service (2.0.0.6)
    FSharp.Core (3.1.2.5)
    FSharp.Formatting (2.14.4)
      FSharp.Compiler.Service (2.0.0.6)
      FSharpVSPowerTools.Core (>= 2.3 < 2.4)
    FSharpVSPowerTools.Core (2.3)
      FSharp.Compiler.Service (>= 2.0.0.3)
    mbunit (3.4.14)
    Microsoft.Bcl (1.1.10) - restriction: && (>= net35) (< net45) (< portable-win81+wpa81)
      Microsoft.Bcl.Build (>= 1.0.14)
    Microsoft.Bcl.Build (1.0.21) - import_targets: false, restriction: && (>= net35) (< net45) (< portable-win81+wpa81)
    Microsoft.Net.Http (2.2.29) - restriction: && (>= net35) (< net45) (< portable-win81+wpa81)
      Microsoft.Bcl (>= 1.1.10)
      Microsoft.Bcl.Build (>= 1.0.14)
    Microsoft.VisualStudio.QualityTools.UnitTestFramework (11.0.50727.1)
    NHamcrest (1.2.1)
    NUnit (3.6)
    NUnit.Console (3.6)
      NUnit.ConsoleRunner (>= 3.6)
      NUnit.Extension.NUnitProjectLoader (>= 3.5)
      NUnit.Extension.NUnitV2Driver (>= 3.6)
      NUnit.Extension.NUnitV2ResultWriter (>= 3.5)
      NUnit.Extension.TeamCityEventListener (>= 1.0.2)
      NUnit.Extension.VSProjectLoader (>= 3.5)
    NUnit.ConsoleRunner (3.6)
    NUnit.Extension.NUnitProjectLoader (3.5)
    NUnit.Extension.NUnitV2Driver (3.6)
    NUnit.Extension.NUnitV2ResultWriter (3.5)
    NUnit.Extension.TeamCityEventListener (1.0.2)
    NUnit.Extension.VSProjectLoader (3.5)
    Octokit (0.24)
      Microsoft.Net.Http  - restriction: && (>= net35) (< net45) (< portable-win81+wpa81)
    SourceLink.Fake (1.1)
    xunit (2.1)
      xunit.assert (2.1)
      xunit.core (2.1)
    xunit.abstractions (2.0) - restriction: || (&& (>= net35) (>= dnx451)) (&& (>= net35) (>= dnxcore50)) (&& (>= net35) (>= portable-net45+win8+wp8+wpa81))
    xunit.assert (2.1)
    xunit.core (2.1)
      xunit.extensibility.core (2.1) - restriction: || (&& (>= net35) (>= dnx451)) (&& (>= net35) (>= dnxcore50)) (&& (>= net35) (>= portable-net45+win8+wp8+wpa81))
      xunit.extensibility.execution (2.1) - restriction: || (&& (>= net35) (>= dnx451)) (&& (>= net35) (>= dnxcore50)) (&& (>= net35) (>= portable-net45+win8+wp8+wpa81))
    xunit.extensibility.core (2.1) - restriction: || (&& (>= net35) (>= dnx451)) (&& (>= net35) (>= dnxcore50)) (&& (>= net35) (>= portable-net45+win8+wp8+wpa81))
      xunit.abstractions (2.0)
    xunit.extensibility.execution (2.1) - restriction: || (&& (>= net35) (>= dnx451)) (&& (>= net35) (>= dnxcore50)) (&& (>= net35) (>= portable-net45+win8+wp8+wpa81))
      xunit.extensibility.core (2.1) - restriction: || (&& (>= net35) (>= dnx451)) (&& (>= net35) (>= dnxcore50)) (&& (>= net35) (>= monoandroid)) (&& (>= net35) (>= monotouch)) (&& (>= net35) (>= xamarinios)) (&& (>= net35) (>= win8)) (&& (>= net35) (>= wp8)) (&& (>= net35) (>= wpa81)) (>= net45)
    xunit.runner.console (2.1)
    xunit.runner.visualstudio (2.1)
GITHUB
  remote: fsharp/FAKE
    modules/Octokit/Octokit.fsx (291f58cc70aba6dd871cf18e66d2d88357e4f208)
      Octokit (>= 0.20)